GEM
  remote: https://rubygems.org/
  specs:
    minitest (5.9.0)
    rack (1.6.4)
    rack-protection (1.5.3)
      rack
    rake (0.9.6)
    sinatra (1.4.7)
      rack (~> 1.5)
      rack-protection (~> 1.4)
      tilt (>= 1.3, < 3)
    tilt (2.0.4)

PLATFORMS
  ruby

DEPENDENCIES
  minitest
  rake
  sinatra

BUNDLED WITH
   1.12.5
